PATH
  remote: .
  specs:
    bananajour (2.6.9)
      activesupport (~> 2.3)
      dnssd (~> 1.3)
      grit (~> 1.1)
      haml (~> 3.0)
      json (~> 1.1)
      rainbow (~> 1.0)
      sass (~> 3.0)
      sinatra (~> 1.0)
      thin (~> 1.2)

GEM
  remote: http://gemcutter.org/
  specs:
    activesupport (2.3.14)
    daemons (1.1.4)
    diff-lcs (1.1.2)
    dnssd (1.4)
    eventmachine (0.12.10)
    grit (1.1.1)
      diff-lcs (>= 1.1.2)
      mime-types (>= 1.15)
    haml (3.1.2)
    json (1.5.3)
    mime-types (1.16)
    rack (1.3.2)
    rainbow (1.1.1)
    sass (3.1.7)
    sinatra (1.2.6)
      rack (~> 1.1)
      tilt (< 2.0, >= 1.2.2)
    thin (1.2.11)
      daemons (>= 1.0.9)
      eventmachine (>= 0.12.6)
      rack (>= 1.0.0)
    tilt (1.3.3)

PLATFORMS
  ruby

DEPENDENCIES
  bananajour!
